GEM
  remote: https://rubygems.org/
  specs:
    charlock_holmes (0.7.7)
    diff-lcs (1.3)
    escape_utils (1.2.1)
    github-linguist (7.9.0)
      charlock_holmes (~> 0.7.6)
      escape_utils (~> 1.2.0)
      mini_mime (~> 1.0)
      rugged (>= 0.25.1)
    mini_mime (1.0.2)
    rspec (3.9.0)
      rspec-core (~> 3.9.0)
      rspec-expectations (~> 3.9.0)
      rspec-mocks (~> 3.9.0)
    rspec-core (3.9.1)
      rspec-support (~> 3.9.1)
    rspec-expectations (3.9.1)
      diff-lcs (>= 1.2.0, < 2.0)
      rspec-support (~> 3.9.0)
    rspec-mocks (3.9.1)
      diff-lcs (>= 1.2.0, < 2.0)
      rspec-support (~> 3.9.0)
    rspec-support (3.9.2)
    rugged (0.99.0)

PLATFORMS
  ruby

DEPENDENCIES
  github-linguist (~> 7.9)
  rspec (~> 3.9)

BUNDLED WITH
   2.1.4
